GEM
  remote: https://rubygems.org/
  specs:
    aws-sdk (2.9.37)
      aws-sdk-resources (= 2.9.37)
    aws-sdk-core (2.9.37)
      aws-sigv4 (~> 1.0)
      jmespath (~> 1.0)
    aws-sdk-resources (2.9.37)
      aws-sdk-core (= 2.9.37)
    aws-sigv4 (1.0.0)
    dotenv (2.2.1)
    jmespath (1.3.1)
    mustermann (1.0.0)
    rack (2.0.3)
    rack-protection (2.0.0)
      rack
    sinatra (2.0.0)
      mustermann (~> 1.0)
      rack (~> 2.0)
      rack-protection (= 2.0.0)
      tilt (~> 2.0)
    tilt (2.0.7)

PLATFORMS
  ruby

DEPENDENCIES
  aws-sdk
  dotenv
  sinatra

BUNDLED WITH
   1.11.2
